##TITLE= Parameter file, TopSpin 3.6.2
##JCAMPDX= 5.0
##DATATYPE= Parameter Values
##NPOINTS= 18	$$ modification sequence number
##ORIGIN= Bruker BioSpin GmbH
##OWNER= nmrsu
$$ 2020-02-28 14:24:35.757 +0100  nmrsu@AVHD600
$$ C:/NMR-Data/disk2/nmrsu/PSP-SSEA-3/2/pdata/1/procs
$$ process C:\Bruker\TopSpin3.6.2\prog\mod\proc1d.exe
##$ABSF1= 230.506
##$ABSF2= -8.440704
##$ABSG= 5
##$ABSL= 10
##$ALPHA= 0
##$AQORDER= 0
##$ASSFAC= 0
##$ASSFACI= 0
##$ASSFACX= 0
##$ASSWID= 0
##$AUNMP= <E.proc_1d>
##$AXLEFT= 0
##$AXNAME= <>
##$AXNUC= <13C>
##$AXRIGHT= 0
##$AXTYPE= 0
##$AXUNIT= <>
##$AZFE= 0.1
##$AZFW= 0.5
##$BCFW= 0
##$BC_mod= 0
##$BYTORDP= 0
##$COROFFS= 0
##$CY= 15
##$DATMOD= 1
##$DC= 0
##$DFILT= <>
##$DTYPP= 0
##$ERETIC= no
##$F1P= 240
##$F2P= -10
##$FCOR= 1
##$FTSIZE= 32768
##$FT_mod= 6
##$GAMMA= 0
##$GB= 0
##$INTBC= 1
##$INTSCL= 1
##$ISEN= 1000
##$LB= 1
##$LEV0= 0
##$LPBIN= 0
##$MAXI= 10000
##$MC2= 0
##$MEAN= 0
##$ME_mod= 0
##$MI= 0
##$MddCEXP= no
##$MddCT_SP= no
##$MddF180= no
##$MddLAMBDA= 0
##$MddMEMORY= 0
##$MddMERGE= 0
##$MddNCOMP= 0
##$MddNITER= 0
##$MddNOISE= 0
##$MddPHASE= 0
##$MddSEED= 0
##$MddSRSIZE= 0
##$Mdd_CsALG= 0
##$Mdd_CsLAMBDA= 0
##$Mdd_CsNITER= 0
##$Mdd_CsNORM= 0
##$Mdd_CsVE= no
##$Mdd_CsZF= 0
##$Mdd_LrLAMBDA= 0
##$Mdd_LrNITER= 0
##$Mdd_LrRANK= 0
##$Mdd_LrZF= 0
##$Mdd_mod= 0
##$NCOEF= 0
##$NC_proc= -6
##$NLEV= 6
##$NOISF1= 200
##$NOISF2= 180
##$NSP= 0
##$NTH_PI= 0
##$NZP= 0
##$OFFSET= 230.5067
##$PC= 1.4
##$PHC0= -6.424431
##$PHC1= 10.73345
##$PH_mod= 1
##$PKNL= yes
##$PPARMOD= 0
##$PPDIAG= 0
##$PPIPTYP= 0
##$PPMPNUM= 2147483647
##$PPRESOL= 1
##$PSCAL= 4
##$PSIGN= 0
##$PYNMP= <proc.py>
##$RDF1= 0
##$RDF2= 0
##$RDFWHM= 0
##$RDINT= 0
##$RDPOS= 0
##$REVERSE= no
##$SF= 150.902653082769
##$SI= 32768
##$SIGF1= 180
##$SIGF2= 140
##$SINO= 18.66644
##$SIOLD= 32768
##$SPECTYP= <>
##$SREF_mod= 1
##$SREGLST= <13C.THF>
##$SSB= 0
##$STSI= 32768
##$STSR= 0
##$SW_p= 36057.6923076924
##$SYMM= 0
##$S_DEV= 0
##$TDeff= 65536
##$TDoff= 0
##$TI= <>
##$TILT= no
##$TM1= 0
##$TM2= 0
##$TOPLEV= 0
##$USERP1= <>
##$USERP2= <>
##$USERP3= <>
##$USERP4= <>
##$USERP5= <>
##$WDW= 1
##$XDIM= 0
##$YMAX_p= 304730801
##$YMIN_p= -1530989
##END=
