##TITLE= Parameter file, TopSpin 4.1.0
##JCAMPDX= 5.0
##DATATYPE= Parameter Values
##NPOINTS= 7	$$ modification sequence number
##ORIGIN= UXNMR, Bruker Analytische Messtechnik GmbH
##OWNER= root
$$ 2022-01-07 12:49:53.778 +0100  torsten@Lamor
$$ Z:/Torsten/NMR/data/spek-vl_premium/nmr/Ibuprofen/6/pdata/1/proc2s
$$ process C:\Bruker\TopSpin4.1.0\prog\mod\dataserver.exe
##$ABSF1= 0
##$ABSF2= 0
##$ABSG= 0
##$ABSL= 0
##$ALPHA= 0
##$AQORDER= 0
##$ASSFAC= 0
##$ASSFACI= 0
##$ASSFACX= 0
##$ASSWID= 0
##$AUNMP= <        >
##$AZFE= 0.1
##$AZFW= 0.5
##$BCFW= 0
##$BC_mod= 0
##$BYTORDP= 0
##$COROFFS= 0
##$DATMOD= 1
##$DC= 1
##$DFILT= <>
##$DTYPP= 0
##$F1P= 191.408401489258
##$F2P= -2.77624373163849
##$FCOR= 0.5
##$FTSIZE= 1024
##$FT_mod= 6
##$GAMMA= 0
##$GB= 0
##$INTBC= 1
##$INTSCL= 1
##$ISEN= 128
##$LB= 0
##$LEV0= 0
##$LPBIN= 0
##$MAXI= 10000
##$MC2= 0
##$MEAN= 0
##$ME_mod= 0
##$MI= 1
##$NCOEF= 0
##$NC_proc= -5
##$NLEV= 6
##$NOISF1= 0
##$NOISF2= 0
##$NSP= 0
##$NTH_PF= 0
##$NTH_PI= 0
##$NZP= 0
##$OFFSET= 191.4084
##$PC= 4
##$PHC0= 0
##$PHC1= 0
##$PH_mod= 2
##$PKNL= no
##$PPARMOD= 1
##$PSCAL= 1
##$PSIGN= 0
##$REVERSE= no
##$SF= 125.692415799999
##$SI= 1024
##$SIGF1= 0
##$SIGF2= 0
##$SINO= 16
##$SIOLD= 1024
##$SPECTYP= <>
##$SREGLST= <RRRRRRRR>
##$SSB= 0
##$STSI= 1024
##$STSR= 0
##$SW_p= 25000
##$SYMM= 0
##$S_DEV= 1929368
##$T1D= 5
##$TDeff= 256
##$TDoff= 0
##$TI= <        >
##$TILT= no
##$TM1= 0
##$TM2= 0
##$TOPLEV= 0
##$USERP1= <user>
##$USERP2= <user>
##$USERP3= <user>
##$USERP4= <user>
##$USERP5= <user>
##$WDW= 3
##$XDIM= 1024
##$YMAX_p= 301540554
##$YMIN_p= 0
##END=
