##TITLE= Parameter file, TopSpin 4.1.0
##JCAMPDX= 5.0
##DATATYPE= Parameter Values
##NPOINTS= 11	$$ modification sequence number
##ORIGIN= Bruker BioSpin GmbH
##OWNER= nmrsu
$$ 2022-01-04 16:34:07.538 +0100  torsten@Lamor
$$ Z:/Torsten/NMR/data/spek-vl/nmr/MC047_9/7/pdata/1/proc2s
$$ process C:\Bruker\TopSpin4.1.0\prog\mod\dataserver.exe
##$ABSF1= 211.0158
##$ABSF2= -11.35944
##$ABSG= 5
##$ABSL= 0
##$ALPHA= 0
##$AQORDER= 0
##$ASSFAC= 0
##$ASSFACI= 0
##$ASSFACX= 0
##$ASSWID= 0
##$AUNMP= <>
##$AXLEFT= 0
##$AXNAME= <F1>
##$AXNUC= <13C>
##$AXRIGHT= 0
##$AXTYPE= 0
##$AXUNIT= <>
##$AZFE= 0.1
##$AZFW= 0.5
##$BCFW= 0
##$BC_mod= 0
##$BYTORDP= 0
##$COROFFS= 0
##$CY= -3
##$DATMOD= 1
##$DC= 0
##$DFILT= <>
##$DTYPP= 0
##$ERETIC= no
##$F1P= 210.76350402832
##$F2P= -11.0913240743493
##$FCOR= 0.5
##$FTSIZE= 1024
##$FT_mod= 6
##$GAMMA= 0
##$GB= 0
##$INTBC= 1
##$INTSCL= 1
##$ISEN= 128
##$LB= 0
##$LEV0= 0
##$LPBIN= 512
##$MAXI= 10000
##$MC2= 5
##$MEAN= 0
##$ME_mod= 2
##$MI= 1
##$MddCEXP= no
##$MddCT_SP= no
##$MddF180= no
##$MddLAMBDA= 0
##$MddMEMORY= 0
##$MddMERGE= 0
##$MddNCOMP= 0
##$MddNITER= 0
##$MddNOISE= 0
##$MddPHASE= 0
##$MddSEED= 0
##$MddSRSIZE= 0
##$Mdd_CsALG= 0
##$Mdd_CsLAMBDA= 0
##$Mdd_CsNITER= 0
##$Mdd_CsNORM= 0
##$Mdd_CsZF= 0
##$Mdd_mod= 0
##$NCOEF= 32
##$NC_proc= -8
##$NLEV= 6
##$NOISF1= 0
##$NOISF2= 0
##$NSP= 0
##$NTH_PI= 0
##$NZP= 0
##$OFFSET= 211.118
##$PC= 4
##$PHC0= 0
##$PHC1= 0
##$PH_mod= 1
##$PKNL= no
##$PPARMOD= 1
##$PPDIAG= 0
##$PPIPTYP= 0
##$PPMPNUM= 0
##$PPRESOL= 1
##$PSCAL= 1
##$PSIGN= 0
##$PYNMP= <>
##$REVERSE= no
##$SF= 150.90279358
##$SI= 1024
##$SIGF1= 211.0158
##$SIGF2= -11.35944
##$SINO= 0
##$SIOLD= 1024
##$SPECTYP= <>
##$SREGLST= <>
##$SSB= 2
##$STSI= 1024
##$STSR= 0
##$SW_p= 33557.0469798658
##$SYMM= 0
##$S_DEV= 165905
##$TDeff= 512
##$TDoff= 0
##$TI= <>
##$TILT= no
##$TM1= 0
##$TM2= 0
##$TOPLEV= 0
##$USERP1= <>
##$USERP2= <>
##$USERP3= <>
##$USERP4= <>
##$USERP5= <>
##$WDW= 4
##$XDIM= 128
##$YMAX_p= 603123396
##$YMIN_p= 0
##END=
