##TITLE= Parameter file, TopSpin 4.1.0
##JCAMPDX= 5.0
##DATATYPE= Parameter Values
##NPOINTS= 7	$$ modification sequence number
##ORIGIN= UXNMR, Bruker Analytische Messtechnik GmbH
##OWNER= root
$$ 2022-01-07 12:50:19.700 +0100  torsten@Lamor
$$ Z:/Torsten/NMR/data/spek-vl_premium/nmr/Ibuprofen/7/pdata/1/procs
$$ process C:\Bruker\TopSpin4.1.0\prog\mod\dataserver.exe
##$ABSF1= 0
##$ABSF2= 0
##$ABSG= 0
##$ABSL= 0
##$ALPHA= 0
##$AQORDER= 0
##$ASSFAC= 0
##$ASSFACI= 0
##$ASSFACX= 0
##$ASSWID= 0
##$AUNMP= <proc_2dpl>
##$AZFE= 0.1
##$AZFW= 0.5
##$BCFW= 0
##$BC_mod= 0
##$BYTORDP= 1
##$COROFFS= 0
##$DATMOD= 1
##$DC= 1
##$DFILT= <>
##$DTYPP= 0
##$F1P= 7.86301708221436
##$F2P= 0.144961424441952
##$FCOR= 0.5
##$FTSIZE= 2048
##$FT_mod= 6
##$GAMMA= 0
##$GB= 0
##$INTBC= 1
##$INTSCL= 1
##$ISEN= 128
##$LB= 0
##$LEV0= 35
##$LPBIN= 0
##$MAXI= 10000
##$MC2= 0
##$MEAN= 0
##$ME_mod= 0
##$MI= 0
##$NCOEF= 0
##$NC_proc= -2
##$NLEV= 6
##$NOISF1= 0
##$NOISF2= 0
##$NSP= 0
##$NTH_PF= 0
##$NTH_PI= 0
##$NZP= 0
##$OFFSET= 7.881744
##$PC= 1.4
##$PHC0= 0
##$PHC1= 0
##$PH_mod= 0
##$PKNL= yes
##$PPARMOD= 1
##$PSCAL= 0
##$PSIGN= 0
##$REVERSE= no
##$SF= 499.870017809999
##$SI= 2048
##$SIGF1= 0
##$SIGF2= 0
##$SINO= 16
##$SIOLD= 65536
##$SPECTYP= <>
##$SREGLST= <RRRRRRRRRRRRRRR>
##$SSB= 0
##$STSI= 2048
##$STSR= 0
##$SW_p= 3858.02469135802
##$SYMM= 0
##$S_DEV= 182261
##$T1D= 0
##$TDeff= 1024
##$TDoff= 0
##$TI= <>
##$TILT= no
##$TM1= 0
##$TM2= 0
##$TOPLEV= 100
##$USERP1= <user>
##$USERP2= <user>
##$USERP3= <user>
##$USERP4= <user>
##$USERP5= <user>
##$WDW= 3
##$XDIM= 2048
##$YMAX_p= 299335410
##$YMIN_p= 0
##END=
